GEM
  remote: http://rubygems.org/
  specs:
    adsf (1.1.1)
      rack (>= 1.0.0)
    builder (3.2.0)
    colored (1.2)
    cri (2.3.0)
      colored (>= 1.2)
    kramdown (1.0.2)
    mime-types (1.23)
    nanoc (3.6.3)
      cri (~> 2.3)
    rack (1.5.2)
    systemu (2.5.2)

PLATFORMS
  ruby

DEPENDENCIES
  adsf (~> 1.1)
  builder (~> 3.2.0)
  kramdown (~> 1.0.2)
  mime-types (~> 1.15)
  nanoc (~> 3.4)
  systemu (~> 2.5.2)
